GIT
  remote: git@github.com:lonelyplanet/rizzo.git
  revision: c6c87ced99c6a7ec262d5ea4c9711b4725293826
  submodules: true
  specs:
    rizzo (0.9.2)
      addressable
      haml
      redcarpet
      sanitize
      sass

GEM
  remote: https://rubygems.org/
  specs:
    addressable (2.3.6)
    crass (0.2.1)
    haml (4.0.5)
      tilt
    mini_portile (0.6.1)
    nokogiri (1.6.4.1)
      mini_portile (~> 0.6.0)
    nokogumbo (1.1.12)
      nokogiri
    redcarpet (3.2.0)
    sanitize (3.0.3)
      crass (~> 0.2.0)
      nokogiri (>= 1.4.4)
      nokogumbo (= 1.1.12)
    sass (3.4.7)
    sass-globbing (1.1.1)
      sass (>= 3.1)
    tilt (2.0.1)

PLATFORMS
  ruby

DEPENDENCIES
  rizzo!
  sass
  sass-globbing
